PATH
  remote: .
  specs:
    crispy-grid (0.2.2)
      compass (>= 0.12)
      sass (>= 3.1.2)

GEM
  remote: http://rubygems.org/
  specs:
    chunky_png (1.2.6)
    compass (0.12.2)
      chunky_png (~> 1.2)
      fssm (>= 0.2.7)
      sass (~> 3.1)
    fssm (0.2.9)
    sass (3.2.1)

PLATFORMS
  ruby

DEPENDENCIES
  crispy-grid!
